GEM
  remote: https://rubygems.org/
  specs:
    activesupport (4.2.4)
      i18n (~> 0.7)
      json (~> 1.7, >= 1.7.7)
      minitest (~> 5.1)
      thread_safe (~> 0.3, >= 0.3.4)
      tzinfo (~> 1.1)
    appium_lib (7.0.0)
      awesome_print (~> 1.6)
      json (~> 1.8)
      nokogiri (~> 1.6.6)
      selenium-webdriver (~> 2.45)
      toml (~> 0.0)
    awesome_print (1.6.1)
    blankslate (2.1.2.4)
    builder (3.2.2)
    childprocess (0.5.6)
      ffi (~> 1.0, >= 1.0.11)
    cucumber (2.0.2)
      builder (>= 2.1.2)
      cucumber-core (~> 1.2.0)
      diff-lcs (>= 1.1.3)
      gherkin (~> 2.12)
      multi_json (>= 1.7.5, < 2.0)
      multi_test (>= 0.1.2)
    cucumber-core (1.2.0)
      gherkin (~> 2.12.0)
    data_magic (0.21)
      faker (>= 1.1.2)
      yml_reader (>= 0.4)
    diff-lcs (1.2.5)
    faker (1.5.0)
      i18n (~> 0.5)
    ffi (1.9.10)
    gherkin (2.12.2)
      multi_json (~> 1.3)
    httparty (0.13.5)
      json (~> 1.8)
      multi_xml (>= 0.5.2)
    i18n (0.7.0)
    json (1.8.3)
    mini_portile (0.6.2)
    minitest (5.8.0)
    multi_json (1.11.2)
    multi_test (0.1.2)
    multi_xml (0.5.5)
    nokogiri (1.6.6.2)
      mini_portile (~> 0.6.0)
    page-object (1.1.0)
      page_navigation (>= 0.9)
      selenium-webdriver (>= 2.44.0)
      watir-webdriver (>= 0.6.11)
    page_navigation (0.9)
      data_magic (>= 0.14)
    parslet (1.5.0)
      blankslate (~> 2.0)
    power_assert (0.2.4)
    rubyzip (1.1.7)
    selenium-webdriver (2.47.1)
      childprocess (~> 0.5)
      multi_json (~> 1.0)
      rubyzip (~> 1.0)
      websocket (~> 1.0)
    test-unit (3.1.3)
      power_assert
    thread_safe (0.3.5)
    toml (0.1.2)
      parslet (~> 1.5.0)
    tzinfo (1.2.2)
      thread_safe (~> 0.1)
    watir-webdriver (0.8.0)
      selenium-webdriver (>= 2.46.2)
    websocket (1.2.2)
    yml_reader (0.5)

PLATFORMS
  ruby

DEPENDENCIES
  activesupport
  appium_lib
  cucumber
  httparty
  nokogiri
  page-object
  selenium-webdriver
  test-unit
